GEM
  remote: https://rubygems.org/
  specs:
    backports (3.8.0)
    json (2.1.0)
    jwt (1.5.6)
    multi_json (1.12.1)
    mustermann (1.0.0)
    rack (2.0.3)
    rack-protection (2.0.0)
      rack
    sinatra (2.0.0)
      mustermann (~> 1.0)
      rack (~> 2.0)
      rack-protection (= 2.0.0)
      tilt (~> 2.0)
    sinatra-contrib (2.0.0)
      backports (>= 2.0)
      multi_json
      mustermann (~> 1.0)
      rack-protection (= 2.0.0)
      sinatra (= 2.0.0)
      tilt (>= 1.3, < 3)
    tilt (2.0.7)

PLATFORMS
  x64-mingw32

DEPENDENCIES
  json (= 2.1.0)
  jwt (= 1.5.6)
  sinatra (= 2.0.0)
  sinatra-contrib (= 2.0.0)

BUNDLED WITH
   1.15.1
